GIT
  remote: https://github.com/netrics/jekyll-remote-include.git
  revision: 39ae1a1744c8837d5ee64b11c5f982304ea940e5
  specs:
    jekyll-remote-include (1.0.2)

GEM
  specs:

PLATFORMS
  x64-mingw-ucrt

DEPENDENCIES
  jekyll-remote-include!

BUNDLED WITH
   2.5.23
